PATH
  remote: .
  specs:
    caruby-tissue (2.1.4)
      bundler
      caruby-core (>= 2.1.1)
      uom (>= 1.2.2)

PATH
  remote: /Users/loneyf/workspace/caruby/core
  specs:
    caruby-core (2.1.2)
      bundler
      jinx (~> 2.1.1)
      jinx-json (~> 2.1.1)
      jinx-migrate (>= 2.1.1)
      rdbi

PATH
  remote: /Users/loneyf/workspace/jinx/core
  specs:
    jinx (2.1.2)
      bundler

PATH
  remote: /Users/loneyf/workspace/jinx/json
  specs:
    jinx-json (2.1.2)
      bundler
      jinx
      json_pure

PATH
  remote: /Users/loneyf/workspace/jinx/migrate
  specs:
    jinx-migrate (2.1.2)
      bundler
      fastercsv
      rack

PATH
  remote: examples/galena
  specs:
    galena (2.1.1-java)
      caruby-tissue (>= 2.1.1)

GEM
  remote: http://rubygems.org/
  specs:
    diff-lcs (1.1.3)
    epoxy (0.3.1)
    extensional (1.3.1)
    fastercsv (1.5.4)
    json_pure (1.6.6)
    methlab (0.1.0)
    rack (1.4.1)
    rake (0.9.2.2)
    rdbi (0.9.1)
      epoxy (>= 0.3.1)
      methlab (>= 0.0.9)
      typelib
    rspec (2.9.0)
      rspec-core (~> 2.9.0)
      rspec-expectations (~> 2.9.0)
      rspec-mocks (~> 2.9.0)
    rspec-core (2.9.0)
    rspec-expectations (2.9.1)
      diff-lcs (~> 1.1.3)
    rspec-mocks (2.9.0)
    typelib (0.1.0)
    uom (1.2.2)
      extensional
    yard (0.7.5)

PLATFORMS
  java

DEPENDENCIES
  caruby-core!
  caruby-tissue!
  galena!
  jinx!
  jinx-json!
  jinx-migrate!
  rake
  rspec (>= 2.6)
  yard
