PATH
  remote: .
  specs:
    caruby-tissue (1.5.5)
      caruby-core (>= 1.5.5)

PATH
  remote: /Users/loneyf/workspace/caruby
  specs:
    caruby-core (1.5.5)
      dbd-jdbc
      dbi
      dbi
      fastercsv
      json_pure
      uom

GEM
  remote: http://rubygems.org/
  specs:
    columnize (0.3.4)
    dbd-jdbc (0.1.4)
    dbi (0.4.5)
      deprecated (= 2.0.1)
    deprecated (2.0.1)
    extensional (1.3.1)
    fastercsv (1.5.4)
    json_pure (1.6.1)
    rake (0.9.2)
    ruby-debug (0.10.4)
      columnize (>= 0.1)
      ruby-debug-base (~> 0.10.4.0)
    ruby-debug-base (0.10.4-java)
    uom (1.2.1)
      extensional
    yard (0.7.3)

PLATFORMS
  java

DEPENDENCIES
  bundler
  caruby-core!
  caruby-tissue!
  rake
  ruby-debug
  yard
