PATH
  remote: .
  specs:
    galena (2.1.1-java)
      caruby-tissue (>= 2.1.1)

GEM
  remote: http://rubygems.org/
  specs:
    caruby-core (2.1.3)
      bundler
      jinx (~> 2.1.1)
      jinx-json (~> 2.1.1)
      jinx-migrate (>= 2.1.1)
      rdbi
    caruby-tissue (2.1.5)
      bundler
      caruby-core (>= 2.1.1)
      uom (>= 1.2.2)
    diff-lcs (1.1.3)
    epoxy (0.3.1)
    extensional (1.3.1)
    fastercsv (1.5.5)
    jinx (2.1.3)
      bundler
    jinx-json (2.1.2)
      bundler
      jinx
      json_pure
    jinx-migrate (2.1.2)
      bundler
      fastercsv
      rack
    json_pure (1.7.5)
    methlab (0.1.0)
    rack (1.4.1)
    rdbi (0.9.1)
      epoxy (>= 0.3.1)
      methlab (>= 0.0.9)
      typelib
    rspec (2.11.0)
      rspec-core (~> 2.11.0)
      rspec-expectations (~> 2.11.0)
      rspec-mocks (~> 2.11.0)
    rspec-core (2.11.1)
    rspec-expectations (2.11.3)
      diff-lcs (~> 1.1.3)
    rspec-mocks (2.11.3)
    typelib (0.1.0)
    uom (1.2.2)
      extensional

PLATFORMS
  java

DEPENDENCIES
  bundler
  galena!
  rspec (>= 2.6)
